GEM
  remote: http://rubygems.org/
  remote: http://gemcutter.org/
  specs:
    aaronh-chronic (0.3.9)
    abstract (1.0.0)
    actionmailer (3.0.5)
      actionpack (= 3.0.5)
      mail (~> 2.2.15)
    actionpack (3.0.5)
      activemodel (= 3.0.5)
      activesupport (= 3.0.5)
      builder (~> 2.1.2)
      erubis (~> 2.6.6)
      i18n (~> 0.4)
      rack (~> 1.2.1)
      rack-mount (~> 0.6.13)
      rack-test (~> 0.5.7)
      tzinfo (~> 0.3.23)
    activemodel (3.0.5)
      activesupport (= 3.0.5)
      builder (~> 2.1.2)
      i18n (~> 0.4)
    activerecord (3.0.5)
      activemodel (= 3.0.5)
      activesupport (= 3.0.5)
      arel (~> 2.0.2)
      tzinfo (~> 0.3.23)
    activeresource (3.0.5)
      activemodel (= 3.0.5)
      activesupport (= 3.0.5)
    activesupport (3.0.5)
    aker (3.0.0)
      activesupport (>= 2.3.0)
      castanet (~> 1.0.0)
      net-ldap (~> 0.1.1)
      rubytree (~> 0.7.0)
      warden (~> 1.0)
    aker-rails (3.0.1)
      aker (~> 3.0)
      rails (~> 3.0)
    arel (2.0.10)
    bcdatabase (1.2.1)
      activesupport (>= 2.0)
      highline (~> 1.5)
      i18n
      thor (~> 0.14.6)
    breadcrumbs_on_rails (2.1.0)
    builder (2.1.2)
    capistrano (2.5.21)
      highline
      net-scp (>= 1.0.0)
      net-sftp (>= 2.0.0)
      net-ssh (>= 2.0.14)
      net-ssh-gateway (>= 1.0.0)
    capybara (1.1.1)
      mime-types (>= 1.16)
      nokogiri (>= 1.3.3)
      rack (>= 1.0.0)
      rack-test (>= 0.5.4)
      selenium-webdriver (~> 2.0)
      xpath (~> 0.1.4)
    castanet (1.0.0)
    childprocess (0.2.2)
      ffi (~> 1.0.6)
    ci_reporter (1.6.5)
      builder (>= 2.1.2)
    compass (0.10.6)
      haml (>= 3.0.4)
    cucumber (1.1.0)
      builder (>= 2.1.2)
      diff-lcs (>= 1.1.2)
      gherkin (~> 2.5.0)
      json (>= 1.4.6)
      term-ansicolor (>= 1.0.6)
    cucumber-rails (1.1.0)
      capybara (>= 1.1.1)
      cucumber (>= 1.1.0)
      nokogiri (>= 1.5.0)
    database_cleaner (0.6.6)
    diff-lcs (1.1.3)
    erubis (2.6.6)
      abstract (>= 1.0.0)
    factory_girl (2.0.0.rc4)
    factory_girl_rails (1.1.rc1)
      factory_girl (~> 2.0.0.rc)
      railties (>= 3.0.0)
    fastercsv (1.5.4)
    ffi (1.0.9)
    gherkin (2.5.1)
      json (>= 1.4.6)
    haml (3.0.25)
    haml-rails (0.3.4)
      actionpack (~> 3.0)
      activesupport (~> 3.0)
      haml (~> 3.0)
      railties (~> 3.0)
    highline (1.6.2)
    i18n (0.6.0)
    inifile (0.4.1)
    json (1.6.1)
    json_pure (1.6.1)
    mail (2.2.19)
      activesupport (>= 2.3.6)
      i18n (>= 0.4.0)
      mime-types (~> 1.16)
      treetop (~> 1.4.8)
    mime-types (1.16)
    ncs_mdes (0.4.1)
      nokogiri (~> 1.4)
    ncs_navigator_configuration (0.0.1)
      fastercsv (~> 1.5)
      inifile (~> 0.4.1)
      ncs_mdes (~> 0.4)
    net-ldap (0.1.1)
    net-scp (1.0.4)
      net-ssh (>= 1.99.1)
    net-sftp (2.0.5)
      net-ssh (>= 2.0.9)
    net-ssh (2.1.4)
    net-ssh-gateway (1.0.1)
      net-ssh (>= 1.99.1)
    nokogiri (1.5.0)
    pg (0.11.0)
    polyglot (0.3.1)
    rack (1.2.4)
    rack-mount (0.6.14)
      rack (>= 1.0.0)
    rack-test (0.5.7)
      rack (>= 1.0)
    rails (3.0.5)
      actionmailer (= 3.0.5)
      actionpack (= 3.0.5)
      activerecord (= 3.0.5)
      activeresource (= 3.0.5)
      activesupport (= 3.0.5)
      bundler (~> 1.0)
      railties (= 3.0.5)
    railties (3.0.5)
      actionpack (= 3.0.5)
      activesupport (= 3.0.5)
      rake (>= 0.8.7)
      thor (~> 0.14.4)
    rake (0.9.2)
    rspec (2.5.0)
      rspec-core (~> 2.5.0)
      rspec-expectations (~> 2.5.0)
      rspec-mocks (~> 2.5.0)
    rspec-core (2.5.1)
    rspec-expectations (2.5.0)
      diff-lcs (~> 1.1.2)
    rspec-mocks (2.5.0)
    rspec-rails (2.5.0)
      actionpack (~> 3.0)
      activesupport (~> 3.0)
      railties (~> 3.0)
      rspec (~> 2.5.0)
    rubytree (0.7.0)
    rubyzip (0.9.4)
    scoped_search (2.3.1)
      activerecord (>= 2.1.0)
    selenium-webdriver (2.7.0)
      childprocess (>= 0.2.1)
      ffi (>= 1.0.7)
      json_pure
      rubyzip
    shoulda (2.11.3)
    tabs_on_rails (2.0.1)
    term-ansicolor (1.0.6)
    thor (0.14.6)
    timeliness (0.3.4)
    treetop (1.4.9)
      polyglot (>= 0.3.1)
    tzinfo (0.3.29)
    validates_timeliness (3.0.6)
      timeliness (~> 0.3.3)
    warden (1.0.4)
      rack (>= 1.0)
    whenever (0.6.8)
      aaronh-chronic (>= 0.3.9)
      activesupport (>= 2.3.4)
    will_paginate (3.0.pre4)
    xpath (0.1.4)
      nokogiri (~> 1.3)

PLATFORMS
  ruby

DEPENDENCIES
  aker
  aker-rails
  bcdatabase
  breadcrumbs_on_rails
  capistrano
  capybara
  ci_reporter (~> 1.6)
  compass (~> 0.10.6)
  cucumber
  cucumber-rails
  database_cleaner (~> 0.6.6)
  factory_girl_rails (~> 1.1.rc1)
  fastercsv
  haml (~> 3.0.25)
  haml-rails
  mail (= 2.2.19)
  ncs_mdes
  ncs_navigator_configuration
  pg
  rails (= 3.0.5)
  rspec-rails (~> 2.5.0)
  scoped_search
  shoulda
  tabs_on_rails
  validates_timeliness (~> 3.0.2)
  whenever
  will_paginate (~> 3.0.pre4)
